PATH
  remote: .
  specs:
    arcane_thievery (0.0.1)
      typhoeus (~> 0.6.9)

GEM
  remote: https://rubygems.org/
  specs:
    coderay (1.1.0)
    ethon (0.7.2)
      ffi (>= 1.3.0)
    ffi (1.9.6)
    method_source (0.8.2)
    pry (0.10.1)
      coderay (~> 1.1.0)
      method_source (~> 0.8.1)
      slop (~> 3.4)
    rake (10.4.2)
    slop (3.6.0)
    typhoeus (0.6.9)
      ethon (>= 0.7.1)

PLATFORMS
  ruby

DEPENDENCIES
  arcane_thievery!
  bundler (~> 1.7)
  pry
  rake (~> 10.0)
